GEM
  remote: https://rubygems.org/
  specs:
    activesupport (5.2.5)
      concurrent-ruby (~> 1.0, >= 1.0.2)
      i18n (>= 0.7, < 2)
      minitest (~> 5.1)
      tzinfo (~> 1.1)
    addressable (2.7.0)
      public_suffix (>= 2.0.2, < 5.0)
    arr-pm (0.0.12)
    backports (3.23.0)
    cabin (0.9.0)
    clamp (1.0.1)
    concurrent-ruby (1.1.8)
    dotenv (2.7.6)
    faraday (1.4.1)
      faraday-excon (~> 1.1)
      faraday-net_http (~> 1.0)
      faraday-net_http_persistent (~> 1.1)
      multipart-post (>= 1.2, < 3)
      ruby2_keywords (>= 0.0.4)
    faraday-excon (1.1.0)
    faraday-net_http (1.0.1)
    faraday-net_http_persistent (1.1.0)
    faraday_middleware (1.0.0)
      faraday (~> 1.0)
    fpm (1.14.2)
      arr-pm (~> 0.0.11)
      backports (>= 2.6.2)
      cabin (>= 0.6.0)
      clamp (~> 1.0.0)
      git (>= 1.3.0, < 2.0)
      json (>= 1.7.7, < 3.0)
      pleaserun (~> 0.0.29)
      rexml
      stud
    gh (0.18.0)
      activesupport (~> 5.0)
      addressable (~> 2.4)
      faraday (~> 1.0)
      faraday_middleware (~> 1.0)
      multi_json (~> 1.0)
      net-http-persistent (~> 2.9)
      net-http-pipeline
    git (1.11.0)
      rchardet (~> 1.8)
    hiera (1.3.4)
      json_pure
    highline (2.0.3)
    i18n (1.8.10)
      concurrent-ruby (~> 1.0)
    insist (1.0.0)
    json (2.6.1)
    json_pure (2.5.1)
    launchy (2.4.3)
      addressable (~> 2.3)
    minitest (5.14.4)
    multi_json (1.15.0)
    multipart-post (2.1.1)
    mustache (0.99.8)
    net-http-persistent (2.9.4)
    net-http-pipeline (1.0.1)
    pleaserun (0.0.32)
      cabin (> 0)
      clamp
      dotenv
      insist
      mustache (= 0.99.8)
      stud
    public_suffix (4.0.6)
    pusher-client (0.6.2)
      json
      websocket (~> 1.0)
    rchardet (1.8.0)
    rexml (3.2.5)
    ruby2_keywords (0.0.4)
    stud (0.0.23)
    thread_safe (0.3.6)
    travis (1.10.0)
      faraday (~> 1.0)
      faraday_middleware (~> 1.0)
      gh (~> 0.13)
      highline (~> 2.0)
      json_pure (~> 2.3)
      launchy (~> 2.1, < 2.5.0)
      pusher-client (~> 0.4)
    tzinfo (1.2.9)
      thread_safe (~> 0.1)
    websocket (1.2.9)

PLATFORMS
  ruby

DEPENDENCIES
  bundler
  fpm
  hiera (= 1.3.4)
  travis

RUBY VERSION
   ruby 2.6.3p62

BUNDLED WITH
   1.17.3
